GEM
  remote: https://rubygems.org/
  specs:
    coderay (1.1.3)
    httparty (0.18.1)
      mime-types (~> 3.0)
      multi_xml (>= 0.5.2)
    method_source (1.0.0)
    mime-types (3.3.1)
      mime-types-data (~> 3.2015)
    mime-types-data (3.2020.0512)
    mini_portile2 (2.4.0)
    multi_xml (0.6.0)
    nokogiri (1.10.10-x64-mingw32)
      mini_portile2 (~> 2.4.0)
    pry (0.13.1)
      coderay (~> 1.1)
      method_source (~> 1.0)
    terminal-table (1.8.0)
      unicode-display_width (~> 1.1, >= 1.1.1)
    unicode-display_width (1.7.0)

PLATFORMS
  x64-mingw32

DEPENDENCIES
  httparty
  nokogiri
  pry
  terminal-table

BUNDLED WITH
   2.1.4
